GEM
  specs:
    pg (0.18.4)
    sequel (4.33.0)

PLATFORMS
  ruby

DEPENDENCIES
  pg
  sequel

BUNDLED WITH
   1.11.2
